GIT
  remote: git://github.com/trailblazer/formular.git
  revision: 64fd5bab40e3d713d7c934948326f93309f6bc5c
  specs:
    formular (0.2.3)
      declarative (~> 0.0.4)
      uber (>= 0.0.11, < 0.2.0)

GIT
  remote: git://github.com/trailblazer/trailblazer-test.git
  revision: 982bd2d8a3c8fec7092b0bd5c53943df797625df
  specs:
    trailblazer-test (0.1.0)

GEM
  remote: https://rubygems.org/
  specs:
    airbrussh (1.3.0)
      sshkit (>= 1.6.1, != 1.7.0)
    capistrano (3.8.2)
      airbrussh (>= 1.0.0)
      i18n
      rake (>= 10.0.0)
      sshkit (>= 1.9.0)
    capistrano-bundler (1.3.0)
      capistrano (~> 3.1)
      sshkit (~> 1.2)
    capistrano-passenger (0.2.0)
      capistrano (~> 3.0)
    capistrano-rbenv (2.1.3)
      capistrano (~> 3.1)
      sshkit (~> 1.3)
    cells (4.1.7)
      declarative-builder (< 0.2.0)
      declarative-option (< 0.2.0)
      tilt (>= 1.4, < 3)
      uber (< 0.2.0)
    cells-erb (0.1.0)
      cells (~> 4.0)
      erbse (>= 0.1.1)
    concurrent-ruby (1.0.5)
    database_cleaner (1.6.2)
    declarative (0.0.10)
    declarative-builder (0.1.0)
      declarative-option (< 0.2.0)
    declarative-option (0.1.0)
    disposable (0.4.3)
      declarative (>= 0.0.9, < 1.0.0)
      declarative-builder (< 0.2.0)
      declarative-option (< 0.2.0)
      representable (>= 2.4.0, <= 3.1.0)
      uber (< 0.2.0)
    dotenv (2.2.1)
    dry-configurable (0.7.0)
      concurrent-ruby (~> 1.0)
    dry-container (0.6.0)
      concurrent-ruby (~> 1.0)
      dry-configurable (~> 0.1, >= 0.1.3)
    dry-core (0.4.2)
      concurrent-ruby (~> 1.0)
    dry-equalizer (0.2.0)
    dry-logic (0.4.2)
      dry-container (~> 0.2, >= 0.2.6)
      dry-core (~> 0.2)
      dry-equalizer (~> 0.2)
    dry-types (0.12.2)
      concurrent-ruby (~> 1.0)
      dry-configurable (~> 0.1)
      dry-container (~> 0.3)
      dry-core (~> 0.2, >= 0.2.1)
      dry-equalizer (~> 0.2)
      dry-logic (~> 0.4, >= 0.4.2)
      inflecto (~> 0.0.0, >= 0.0.2)
    dry-validation (0.11.1)
      concurrent-ruby (~> 1.0)
      dry-configurable (~> 0.1, >= 0.1.3)
      dry-core (~> 0.2, >= 0.2.1)
      dry-equalizer (~> 0.2)
      dry-logic (~> 0.4, >= 0.4.0)
      dry-types (~> 0.12.0)
    erbse (0.1.2)
      temple
    hirb (0.7.3)
    i18n (0.9.1)
      concurrent-ruby (~> 1.0)
    inflecto (0.0.2)
    minitest (5.10.3)
    minitest-line (0.6.4)
      minitest (~> 5.0)
    money (6.10.0)
      i18n (>= 0.6.4, < 1.0)
    mustermann (1.0.1)
    net-scp (1.2.1)
      net-ssh (>= 2.6.5)
    net-ssh (4.2.0)
    pg (0.21.0)
    rack (2.0.3)
    rack-protection (2.0.0)
      rack
    rack-test (0.8.2)
      rack (>= 1.0, < 3)
    rake (12.3.0)
    reform (2.2.4)
      disposable (>= 0.4.1)
      representable (>= 2.4.0, < 3.1.0)
    representable (3.0.4)
      declarative (< 0.1.0)
      declarative-option (< 0.2.0)
      uber (< 0.2.0)
    rubyzip (1.2.1)
    sequel (4.48.0)
    sinatra (2.0.0)
      mustermann (~> 1.0)
      rack (~> 2.0)
      rack-protection (= 2.0.0)
      tilt (~> 2.0)
    sprockets (3.7.1)
      concurrent-ruby (~> 1.0)
      rack (> 1, < 3)
    sshkit (1.15.1)
      net-scp (>= 1.1.2)
      net-ssh (>= 2.8.0)
    tamarama (0.1.1)
    temple (0.8.0)
    tilt (2.0.8)
    trailblazer (2.1.0.beta1)
      declarative
      reform (>= 2.2.0, < 3.0.0)
      trailblazer-operation (>= 0.1.2, < 0.2.0)
    trailblazer-activity (0.3.2)
      hirb
    trailblazer-cells (0.0.3)
      cells (>= 4.1.0.rc1, < 5.0.0)
    trailblazer-context (0.1.2)
    trailblazer-loader (0.1.2)
    trailblazer-operation (0.1.3)
      trailblazer-activity (>= 0.3.2, < 0.4.0)
      trailblazer-context (>= 0.1.1, < 0.3.0)
    uber (0.1.0)

PLATFORMS
  ruby

DEPENDENCIES
  capistrano (= 3.8.2)
  capistrano-bundler
  capistrano-passenger
  capistrano-rbenv
  cells-erb
  database_cleaner
  dotenv
  dry-validation
  formular!
  minitest
  minitest-line
  money
  pg
  rack-test
  rake
  reform
  rubyzip
  sequel (= 4.48.0)
  sinatra
  sprockets
  tamarama (>= 0.1.0, < 0.2.0)
  trailblazer (>= 2.1.0.beta1)
  trailblazer-cells
  trailblazer-loader (>= 0.1.2)
  trailblazer-test!

BUNDLED WITH
   1.15.4
